PATH
  remote: .
  specs:
    brainfuck-extended (0.0.2)
      colorize
      tty-cursor

GEM
  remote: https://rubygems.org/
  specs:
    colorize (0.8.1)
    rake (13.0.3)
    tty-cursor (0.7.1)

PLATFORMS
  x86-mingw32

DEPENDENCIES
  brainfuck-extended!
  rake (~> 13.0)

BUNDLED WITH
   2.2.3
